GEM
  remote: http://rubygems.org/
  specs:
    addressable (2.2.8)
    crack (0.1.8)
    deepopenstruct (0.1.2)
    excon (0.14.0)
    haml (3.1.6)
    heroku (2.27.3)
      heroku-api (~> 0.2.5)
      launchy (>= 0.3.2)
      netrc (~> 0.7.4)
      rest-client (~> 1.6.1)
      rubyzip
    heroku-api (0.2.5)
      excon (~> 0.14.0)
    httparty (0.8.1)
      multi_json
      multi_xml
    json (1.7.3)
    launchy (2.1.0)
      addressable (~> 2.2.6)
    mime-types (1.18)
    multi_json (1.3.6)
    multi_xml (0.5.1)
    neography (0.0.26)
      crack (= 0.1.8)
      httparty (= 0.8.1)
      json
      os
      rake (>= 0.8.7)
      rubyzip
    netrc (0.7.4)
    os (0.9.6)
    rack (1.4.1)
    rack-protection (1.2.0)
      rack
    rake (0.9.2.2)
    rest-client (1.6.7)
      mime-types (>= 1.16)
    ruby-tmdb (0.2.1)
      addressable
      deepopenstruct (>= 0.1.2)
      json
    rubyzip (0.9.9)
    sinatra (1.3.2)
      rack (~> 1.3, >= 1.3.6)
      rack-protection (~> 1.2)
      tilt (~> 1.3, >= 1.3.3)
    tilt (1.3.3)

PLATFORMS
  ruby

DEPENDENCIES
  haml
  heroku
  neography
  ruby-tmdb
  sinatra
