GEM
  remote: http://rubygems.org/
  specs:
    addressable (2.3.4)
    deepopenstruct (0.1.2)
    excon (0.20.1)
    haml (4.0.2)
      tilt
    heroku (2.37.2)
      heroku-api (~> 0.3.7)
      launchy (>= 0.3.2)
      netrc (~> 0.7.7)
      rest-client (~> 1.6.1)
      rubyzip
    heroku-api (0.3.9)
      excon (~> 0.20.1)
    httpclient (2.3.3)
    json (1.7.7)
    launchy (2.3.0)
      addressable (~> 2.3)
    mime-types (1.22)
    multi_json (1.7.2)
    neography (1.0.9)
      httpclient (>= 2.3.3)
      json (>= 1.6.0)
      multi_json (>= 1.3.2)
      os (>= 0.9.6)
      rake (>= 0.8.7)
      rubyzip (>= 0.9.7)
    netrc (0.7.7)
    os (0.9.6)
    rack (1.5.2)
    rack-protection (1.5.0)
      rack
    rake (10.0.4)
    rest-client (1.6.7)
      mime-types (>= 1.16)
    ruby-tmdb (0.2.1)
      addressable
      deepopenstruct (>= 0.1.2)
      json
    rubyzip (0.9.9)
    sinatra (1.4.2)
      rack (~> 1.5, >= 1.5.2)
      rack-protection (~> 1.4)
      tilt (~> 1.3, >= 1.3.4)
    tilt (1.3.7)

PLATFORMS
  ruby

DEPENDENCIES
  haml
  heroku
  neography
  ruby-tmdb
  sinatra
